GEM
  remote: https://rubygems.org/
  specs:
    digest (0.0.1)
    httparty (0.15.6)
      multi_xml (>= 0.5.2)
    minitest (5.10.3)
    multi_xml (0.6.0)
    rake (12.0.0)
    seven_zip_ruby (1.2.5)

PLATFORMS
  ruby

DEPENDENCIES
  digest
  httparty
  minitest
  rake
  seven_zip_ruby

BUNDLED WITH
   1.15.3
